PATH
  remote: .
  specs:
    event_emitter (0.2.4)

GEM
  remote: https://rubygems.org/
  specs:
    minitest (4.7.0)
    rake (10.0.4)

PLATFORMS
  java

DEPENDENCIES
  bundler (~> 1.3)
  event_emitter!
  minitest
  rake
