PATH
  remote: .
  specs:
    event_emitter (0.2.5)

GEM
  remote: https://rubygems.org/
  specs:
    minitest (5.2.0)
    rake (10.1.0)

PLATFORMS
  java
  ruby

DEPENDENCIES
  bundler (~> 1.3)
  event_emitter!
  minitest
  rake
