PATH
  remote: .
  specs:
    event_emitter (0.2.3)

GEM
  remote: https://rubygems.org/
  specs:
    minitest (4.6.2)

PLATFORMS
  java
  ruby

DEPENDENCIES
  event_emitter!
  minitest
