PATH
  remote: .
  specs:
    event_emitter (0.2.4)

GEM
  remote: https://rubygems.org/
  specs:
    minitest (4.7.0)

PLATFORMS
  java
  ruby

DEPENDENCIES
  event_emitter!
  minitest
