PATH
  remote: .
  specs:
    event_emitter (0.2.0)

GEM
  remote: https://rubygems.org/
  specs:
    minitest (4.2.0)

PLATFORMS
  java
  ruby

DEPENDENCIES
  event_emitter!
  minitest
